PATH
  remote: .
  specs:
    hasoffers (0.1.8)
      crack
      yajl-ruby

GEM
  remote: http://rubygems.org/
  specs:
    crack (0.4.2)
      safe_yaml (~> 1.0.0)
    rake (0.9.2)
    safe_yaml (1.0.1)
    yajl-ruby (1.2.0)

PLATFORMS
  ruby

DEPENDENCIES
  hasoffers!
  rake
