PATH
  remote: .
  specs:
    hasoffers (0.1.9)
      activemodel (~> 3.2)
      crack
      yajl-ruby

GEM
  remote: http://rubygems.org/
  specs:
    activemodel (3.2.18)
      activesupport (= 3.2.18)
      builder (~> 3.0.0)
    activesupport (3.2.18)
      i18n (~> 0.6, >= 0.6.4)
      multi_json (~> 1.0)
    builder (3.0.4)
    crack (0.4.2)
      safe_yaml (~> 1.0.0)
    i18n (0.6.9)
    multi_json (1.10.0)
    rake (0.9.2)
    safe_yaml (1.0.3)
    yajl-ruby (1.2.0)

PLATFORMS
  ruby

DEPENDENCIES
  hasoffers!
  rake
